GEM
  remote: https://rubygems.org/
  specs:
    mail (2.7.0)
      mini_mime (>= 0.1.1)
    mini_mime (1.0.1)
    mustermann (1.0.1)
    pony (1.12)
      mail (>= 2.0)
    puma (3.12.0)
    rack (2.0.3)
    rack-protection (2.0.0)
      rack
    sinatra (2.0.0)
      mustermann (~> 1.0)
      rack (~> 2.0)
      rack-protection (= 2.0.0)
      tilt (~> 2.0)
    sqlite3 (1.3.13)
    tilt (2.0.8)

PLATFORMS
  ruby

DEPENDENCIES
  pony
  puma
  sinatra
  sqlite3

BUNDLED WITH
   1.16.4
